

GROUP Documentation
RESTRICTION: || (== netcoreapp3.1) (== netstandard2.0) (== netstandard2.1)
NUGET
  remote: https://api.nuget.org/v3/index.json
    Markdig (0.18.1)
    Newtonsoft.Json (12.0.3)
